NUGET
  remote: https://nuget.org/api/v2
  specs:
    Microsoft.Experimental.IO (1.0.0.0) - framework: >= net40
    NDesk.Options (0.2.1) - framework: >= net40
    NuGet.CommandLine (2.8.3)
    ServiceStack.Client (4.0.20) - framework: >= net40
      ServiceStack.Interfaces (>= 4.0.20)
      ServiceStack.Text (>= 4.0.20)
    ServiceStack.Interfaces (4.0.20) - framework: >= net40
    ServiceStack.Text (4.0.20) - framework: >= net40
